GIT
  remote: https://github.com/AnimaGUS-minerva/ChariWTs.git
  revision: 3933bdd59a14d3fe7821c345968edefaf54de5fb
  branch: v0.8.0
  specs:
    chariwt (0.8.4)
      cbor (~> 0.5.0)
      ecdsa (~> 1.3.0)

GIT
  remote: https://github.com/AnimaGUS-minerva/celluloid-io.git
  revision: 7bb34a71f245d6b7eed61f845c82b8a85fd8499e
  submodules: true
  specs:
    celluloid-io (0.17.3)
      celluloid (>= 0.17.2)
      nio4r (>= 1.1)
      timers (>= 4.1.1)

GIT
  remote: https://github.com/AnimaGUS-minerva/coap.git
  revision: 7bb921cbea8411d8bed809dd74c3f3c39437b196
  branch: dtls-client
  specs:
    coap (0.1.5.pre)
      celluloid-io (~> 0.17.3)
      resolv-ipv6favor (~> 0)

GIT
  remote: https://github.com/AnimaGUS-minerva/david.git
  revision: 1ba6f4cdf85d78eee409a5b1c9eb8d60755e7901
  specs:
    david (0.5.1.pre)
      celluloid (~> 0.17.3)
      celluloid-io (~> 0.17.3)
      coap (~> 0.1)
      rack (~> 2.0)

GIT
  remote: https://github.com/AnimaGUS-minerva/ruby_ecdsa.git
  revision: 64eb588befbf65fe58209d20d5a12da646077c5b
  branch: ecdsa_interface_openssl
  specs:
    ecdsa (1.3.0)

GIT
  remote: https://github.com/mcr/fixture_save.git
  revision: 307851690b31face4b83c464b4260eae44fb3f4c
  specs:
    fixture_save (0.0.1)

PATH
  remote: ../minerva/ruby-openssl
  specs:
    openssl (2.2.0.pre.mcr1)
      ipaddr

GEM
  remote: https://rubygems.org/
  specs:
    actioncable (5.2.4.3)
      actionpack (= 5.2.4.3)
      nio4r (~> 2.0)
      websocket-driver (>= 0.6.1)
    actionmailer (5.2.4.3)
      actionpack (= 5.2.4.3)
      actionview (= 5.2.4.3)
      activejob (= 5.2.4.3)
      mail (~> 2.5, >= 2.5.4)
      rails-dom-testing (~> 2.0)
    actionpack (5.2.4.3)
      actionview (= 5.2.4.3)
      activesupport (= 5.2.4.3)
      rack (~> 2.0, >= 2.0.8)
      rack-test (>= 0.6.3)
      rails-dom-testing (~> 2.0)
      rails-html-sanitizer (~> 1.0, >= 1.0.2)
    actionview (5.2.4.3)
      activesupport (= 5.2.4.3)
      builder (~> 3.1)
      erubi (~> 1.4)
      rails-dom-testing (~> 2.0)
      rails-html-sanitizer (~> 1.0, >= 1.0.3)
    activejob (5.2.4.3)
      activesupport (= 5.2.4.3)
      globalid (>= 0.3.6)
    activemodel (5.2.4.3)
      activesupport (= 5.2.4.3)
    activerecord (5.2.4.3)
      activemodel (= 5.2.4.3)
      activesupport (= 5.2.4.3)
      arel (>= 9.0)
    activestorage (5.2.4.3)
      actionpack (= 5.2.4.3)
      activerecord (= 5.2.4.3)
      marcel (~> 0.3.1)
    activesupport (5.2.4.3)
      concurrent-ruby (~> 1.0, >= 1.0.2)
      i18n (>= 0.7, < 2)
      minitest (~> 5.1)
      tzinfo (~> 1.1)
    addressable (2.7.0)
      public_suffix (>= 2.0.2, < 5.0)
    airbrussh (1.4.0)
      sshkit (>= 1.6.1, != 1.7.0)
    arel (9.0.0)
    builder (3.2.4)
    byebug (11.1.3)
    capistrano (3.11.2)
      airbrussh (>= 1.0.0)
      i18n
      rake (>= 10.0.0)
      sshkit (>= 1.9.0)
    capistrano-bundler (2.0.1)
      capistrano (~> 3.1)
    capistrano-rails (1.6.1)
      capistrano (~> 3.1)
      capistrano-bundler (>= 1.1, < 3)
    capistrano-rvm (0.1.2)
      capistrano (~> 3.0)
      sshkit (~> 1.2)
    cbor (0.5.9.6)
    cbor-diag (0.5.6)
      json
      neatjson
      treetop (~> 1)
    celluloid (0.17.4)
      celluloid-essentials
      celluloid-extras
      celluloid-fsm
      celluloid-pool
      celluloid-supervision
      timers (>= 4.1.1)
    celluloid-essentials (0.20.5)
      timers (>= 4.1.1)
    celluloid-extras (0.20.5)
      timers (>= 4.1.1)
    celluloid-fsm (0.20.5)
      timers (>= 4.1.1)
    celluloid-pool (0.20.5)
      timers (>= 4.1.1)
    celluloid-supervision (0.20.6)
      timers (>= 4.1.1)
    coderay (1.1.3)
    concurrent-ruby (1.1.6)
    crack (0.4.3)
      safe_yaml (~> 1.0.0)
    crass (1.0.6)
    daemons (1.3.1)
    diff-lcs (1.4.4)
    erubi (1.9.0)
    eventmachine (1.2.7)
    ffi (1.10.0)
    globalid (0.4.2)
      activesupport (>= 4.2.0)
    hashdiff (1.0.1)
    http-accept (2.1.1)
    i18n (1.8.3)
      concurrent-ruby (~> 1.0)
    ipaddr (1.2.2)
    ipaddress (0.8.3)
    jbuilder (2.10.0)
      activesupport (>= 5.0.0)
    jquery-rails (4.4.0)
      rails-dom-testing (>= 1, < 3)
      railties (>= 4.2.0)
      thor (>= 0.14, < 2.0)
    json (1.8.6)
    jwt (2.2.1)
    libv8 (3.16.14.19)
    loofah (2.6.0)
      crass (~> 1.0.2)
      nokogiri (>= 1.5.9)
    mail (2.7.1)
      mini_mime (>= 0.1.1)
    marcel (0.3.3)
      mimemagic (~> 0.3.2)
    method_source (1.0.0)
    mimemagic (0.3.5)
    mini_mime (1.0.2)
    mini_portile2 (2.4.0)
    minitest (5.14.1)
    neatjson (0.9)
    net-scp (3.0.0)
      net-ssh (>= 2.6.5, < 7.0.0)
    net-ssh (6.1.0)
    nio4r (2.5.2)
    nokogiri (1.10.10)
      mini_portile2 (~> 2.4.0)
    oj (3.10.7)
    pg (0.21.0)
    polyglot (0.3.5)
    pry (0.13.1)
      coderay (~> 1.1)
      method_source (~> 1.0)
    pry-doc (1.1.0)
      pry (~> 0.11)
      yard (~> 0.9.11)
    public_suffix (4.0.5)
    rabl (0.14.3)
      activesupport (>= 2.3.14)
    rack (2.2.3)
    rack-test (1.1.0)
      rack (>= 1.0, < 3)
    rails (5.2.4.3)
      actioncable (= 5.2.4.3)
      actionmailer (= 5.2.4.3)
      actionpack (= 5.2.4.3)
      actionview (= 5.2.4.3)
      activejob (= 5.2.4.3)
      activemodel (= 5.2.4.3)
      activerecord (= 5.2.4.3)
      activestorage (= 5.2.4.3)
      activesupport (= 5.2.4.3)
      bundler (>= 1.3.0)
      railties (= 5.2.4.3)
      sprockets-rails (>= 2.0.0)
    rails-controller-testing (1.0.5)
      actionpack (>= 5.0.1.rc1)
      actionview (>= 5.0.1.rc1)
      activesupport (>= 5.0.1.rc1)
    rails-dom-testing (2.0.3)
      activesupport (>= 4.2.0)
      nokogiri (>= 1.6)
    rails-html-sanitizer (1.3.0)
      loofah (~> 2.3)
    railties (5.2.4.3)
      actionpack (= 5.2.4.3)
      activesupport (= 5.2.4.3)
      method_source
      rake (>= 0.8.7)
      thor (>= 0.19.0, < 2.0)
    rake (13.0.1)
    rb-readline (0.5.5)
    rdoc (4.3.0)
    ref (2.0.0)
    resolv-ipv6favor (0.0.0)
    rspec-core (3.9.2)
      rspec-support (~> 3.9.3)
    rspec-expectations (3.9.2)
      diff-lcs (>= 1.2.0, < 2.0)
      rspec-support (~> 3.9.0)
    rspec-mocks (3.9.1)
      diff-lcs (>= 1.2.0, < 2.0)
      rspec-support (~> 3.9.0)
    rspec-rails (4.0.1)
      actionpack (>= 4.2)
      activesupport (>= 4.2)
      railties (>= 4.2)
      rspec-core (~> 3.9)
      rspec-expectations (~> 3.9)
      rspec-mocks (~> 3.9)
      rspec-support (~> 3.9)
    rspec-support (3.9.3)
    safe_yaml (1.0.5)
    sdoc (0.4.2)
      json (~> 1.7, >= 1.7.7)
      rdoc (~> 4.0)
    spring (2.1.0)
    sprockets (3.7.2)
      concurrent-ruby (~> 1.0)
      rack (> 1, < 3)
    sprockets-rails (3.2.1)
      actionpack (>= 4.0)
      activesupport (>= 4.0)
      sprockets (>= 3.0.0)
    sqlite3 (1.3.13)
    sshkit (1.21.0)
      net-scp (>= 1.1.2)
      net-ssh (>= 2.8.0)
    sucker_punch (2.1.2)
      concurrent-ruby (~> 1.0)
    therubyracer (0.12.3)
      libv8 (~> 3.16.14.15)
      ref
    thin (1.7.2)
      daemons (~> 1.0, >= 1.0.9)
      eventmachine (~> 1.0, >= 1.0.4)
      rack (>= 1, < 3)
    thor (1.0.1)
    thread_safe (0.3.6)
    timers (4.3.0)
    treetop (1.6.10)
      polyglot (~> 0.3)
    turbolinks (5.2.1)
      turbolinks-source (~> 5.2)
    turbolinks-source (5.2.0)
    tzinfo (1.2.7)
      thread_safe (~> 0.1)
    tzinfo-data (1.2020.1)
      tzinfo (>= 1.0.0)
    webmock (3.8.3)
      addressable (>= 2.3.6)
      crack (>= 0.3.2)
      hashdiff (>= 0.4.0, < 2.0.0)
    websocket-driver (0.7.3)
      websocket-extensions (>= 0.1.0)
    websocket-extensions (0.1.5)
    yard (0.9.25)

PLATFORMS
  ruby

DEPENDENCIES
  bundler (>= 2.0.1)
  byebug
  capistrano (~> 3.11.0)
  capistrano-bundler
  capistrano-rails
  capistrano-rvm
  cbor
  cbor-diag
  celluloid-io!
  chariwt!
  coap!
  david!
  ecdsa!
  ffi (~> 1.10.0)
  fixture_save!
  http-accept
  ipaddress
  jbuilder (~> 2.0)
  jquery-rails
  json
  jwt
  loofah (>= 2.3.1)
  mail
  nokogiri (>= 1.10.8)
  oj
  openssl!
  pg (~> 0.21)
  pry
  pry-doc
  rabl
  rack (>= 2.1.4)
  rails (~> 5.2.4.3)
  rails-controller-testing
  rake (>= 12.3.3)
  rb-readline
  rspec-rails
  sdoc (~> 0.4.0)
  spring
  sprockets (~> 3.7.2)
  sqlite3 (~> 1.3.6)
  sucker_punch
  therubyracer
  thin
  turbolinks
  tzinfo-data
  webmock
  websocket-extensions (>= 0.1.5)
  yard (>= 0.9.20)

BUNDLED WITH
   2.1.4
