GIT
  remote: https://github.com/AnimaGUS-minerva/celluloid-io.git
  revision: 7bb34a71f245d6b7eed61f845c82b8a85fd8499e
  submodules: true
  specs:
    celluloid-io (0.17.3)
      celluloid (>= 0.17.2)
      nio4r (>= 1.1)
      timers (>= 4.1.1)

GIT
  remote: https://github.com/AnimaGUS-minerva/coap.git
  revision: a7ea1b608ee444ee6238e94fef7e1a17a106c1a1
  branch: dtls-client
  specs:
    coap (0.2.0)
      celluloid (~> 0.17.3)
      celluloid-io (~> 0.17.3)
      resolv-ipv6favor (~> 0)

GIT
  remote: https://github.com/AnimaGUS-minerva/ruby_ecdsa.git
  revision: 64eb588befbf65fe58209d20d5a12da646077c5b
  branch: ecdsa_interface_openssl
  specs:
    ecdsa (1.3.0)

GIT
  remote: https://github.com/mcr/ChariWTs.git
  revision: da12ca75cd96ca7a3fad18e21218ad335ffc0c20
  branch: v0.9.0
  specs:
    chariwt (0.9.2)
      cbor (~> 0.5.0)
      ecdsa (~> 1.3.0)

GIT
  remote: https://github.com/mcr/fixture_save.git
  revision: 307851690b31face4b83c464b4260eae44fb3f4c
  specs:
    fixture_save (0.0.1)

PATH
  remote: /app/minerva/ruby-openssl
  specs:
    openssl (2.2.0.pre.mcr1)

GEM
  remote: https://rubygems.org/
  specs:
    actioncable (5.2.8.1)
      actionpack (= 5.2.8.1)
      nio4r (~> 2.0)
      websocket-driver (>= 0.6.1)
    actionmailer (5.2.8.1)
      actionpack (= 5.2.8.1)
      actionview (= 5.2.8.1)
      activejob (= 5.2.8.1)
      mail (~> 2.5, >= 2.5.4)
      rails-dom-testing (~> 2.0)
    actionpack (5.2.8.1)
      actionview (= 5.2.8.1)
      activesupport (= 5.2.8.1)
      rack (~> 2.0, >= 2.0.8)
      rack-test (>= 0.6.3)
      rails-dom-testing (~> 2.0)
      rails-html-sanitizer (~> 1.0, >= 1.0.2)
    actionview (5.2.8.1)
      activesupport (= 5.2.8.1)
      builder (~> 3.1)
      erubi (~> 1.4)
      rails-dom-testing (~> 2.0)
      rails-html-sanitizer (~> 1.0, >= 1.0.3)
    activejob (5.2.8.1)
      activesupport (= 5.2.8.1)
      globalid (>= 0.3.6)
    activemodel (5.2.8.1)
      activesupport (= 5.2.8.1)
    activerecord (5.2.8.1)
      activemodel (= 5.2.8.1)
      activesupport (= 5.2.8.1)
      arel (>= 9.0)
    activestorage (5.2.8.1)
      actionpack (= 5.2.8.1)
      activerecord (= 5.2.8.1)
      marcel (~> 1.0.0)
    activesupport (5.2.8.1)
      concurrent-ruby (~> 1.0, >= 1.0.2)
      i18n (>= 0.7, < 2)
      minitest (~> 5.1)
      tzinfo (~> 1.1)
    addressable (2.8.2)
      public_suffix (>= 2.0.2, < 6.0)
    airbrussh (1.4.1)
      sshkit (>= 1.6.1, != 1.7.0)
    arel (9.0.0)
    builder (3.2.4)
    byebug (11.1.3)
    capistrano (3.11.2)
      airbrussh (>= 1.0.0)
      i18n
      rake (>= 10.0.0)
      sshkit (>= 1.9.0)
    capistrano-bundler (2.1.0)
      capistrano (~> 3.1)
    capistrano-rails (1.6.2)
      capistrano (~> 3.1)
      capistrano-bundler (>= 1.1, < 3)
    capistrano-rvm (0.1.2)
      capistrano (~> 3.0)
      sshkit (~> 1.2)
    cbor (0.5.9.6)
    celluloid (0.17.4)
      celluloid-essentials
      celluloid-extras
      celluloid-fsm
      celluloid-pool
      celluloid-supervision
      timers (>= 4.1.1)
    celluloid-essentials (0.20.5)
      timers (>= 4.1.1)
    celluloid-extras (0.20.5)
      timers (>= 4.1.1)
    celluloid-fsm (0.20.5)
      timers (>= 4.1.1)
    celluloid-pool (0.20.5)
      timers (>= 4.1.1)
    celluloid-supervision (0.20.6)
      timers (>= 4.1.1)
    concurrent-ruby (1.2.2)
    crass (1.0.6)
    daemons (1.4.1)
    date (3.3.3)
    erubi (1.12.0)
    eventmachine (1.2.7)
    ffi (1.14.2)
    globalid (1.1.0)
      activesupport (>= 5.0)
    http-accept (2.2.0)
    i18n (1.12.0)
      concurrent-ruby (~> 1.0)
    ipaddress (0.8.3)
    jbuilder (2.11.5)
      actionview (>= 5.0.0)
      activesupport (>= 5.0.0)
    jquery-rails (4.5.1)
      rails-dom-testing (>= 1, < 3)
      railties (>= 4.2.0)
      thor (>= 0.14, < 2.0)
    json (2.6.3)
    jwt (2.7.0)
    loofah (2.20.0)
      crass (~> 1.0.2)
      nokogiri (>= 1.5.9)
    mail (2.8.1)
      mini_mime (>= 0.1.1)
      net-imap
      net-pop
      net-smtp
    marcel (1.0.2)
    method_source (1.0.0)
    mini_mime (1.1.2)
    mini_portile2 (2.8.1)
    minitest (5.18.0)
    net-imap (0.3.4)
      date
      net-protocol
    net-pop (0.1.2)
      net-protocol
    net-protocol (0.2.1)
      timeout
    net-scp (4.0.0)
      net-ssh (>= 2.6.5, < 8.0.0)
    net-smtp (0.3.3)
      net-protocol
    net-ssh (7.1.0)
    nio4r (2.5.8)
    nokogiri (1.14.2)
      mini_portile2 (~> 2.8.0)
      racc (~> 1.4)
    oj (3.14.2)
    passenger (6.0.17)
      rack
      rake (>= 0.8.1)
    pg (0.21.0)
    public_suffix (5.0.1)
    rabl (0.16.1)
      activesupport (>= 2.3.14)
    racc (1.6.2)
    rack (2.2.6.4)
    rack-test (2.1.0)
      rack (>= 1.3)
    rails (5.2.8.1)
      actioncable (= 5.2.8.1)
      actionmailer (= 5.2.8.1)
      actionpack (= 5.2.8.1)
      actionview (= 5.2.8.1)
      activejob (= 5.2.8.1)
      activemodel (= 5.2.8.1)
      activerecord (= 5.2.8.1)
      activestorage (= 5.2.8.1)
      activesupport (= 5.2.8.1)
      bundler (>= 1.3.0)
      railties (= 5.2.8.1)
      sprockets-rails (>= 2.0.0)
    rails-dom-testing (2.0.3)
      activesupport (>= 4.2.0)
      nokogiri (>= 1.6)
    rails-html-sanitizer (1.5.0)
      loofah (~> 2.19, >= 2.19.1)
    railties (5.2.8.1)
      actionpack (= 5.2.8.1)
      activesupport (= 5.2.8.1)
      method_source
      rake (>= 0.8.7)
      thor (>= 0.19.0, < 2.0)
    rake (13.0.6)
    rb-readline (0.5.5)
    resolv-ipv6favor (0.0.0)
    rexml (3.2.5)
    sprockets (4.2.0)
      concurrent-ruby (~> 1.0)
      rack (>= 2.2.4, < 4)
    sprockets-rails (3.4.2)
      actionpack (>= 5.2)
      activesupport (>= 5.2)
      sprockets (>= 3.0.0)
    sqlite3 (1.4.4)
    sshkit (1.21.4)
      net-scp (>= 1.1.2)
      net-ssh (>= 2.8.0)
    sucker_punch (3.1.0)
      concurrent-ruby (~> 1.0)
    thin (1.8.2)
      daemons (~> 1.0, >= 1.0.9)
      eventmachine (~> 1.0, >= 1.0.4)
      rack (>= 1, < 3)
    thor (1.2.1)
    thread_safe (0.3.6)
    timeout (0.3.2)
    timers (4.3.5)
    turbolinks (5.2.1)
      turbolinks-source (~> 5.2)
    turbolinks-source (5.2.0)
    tzinfo (1.2.11)
      thread_safe (~> 0.1)
    tzinfo-data (1.2023.3)
      tzinfo (>= 1.0.0)
    webrick (1.7.0)
    websocket-driver (0.7.5)
      websocket-extensions (>= 0.1.0)
    websocket-extensions (0.1.5)
    yard (0.9.28)
      webrick (~> 1.7.0)

PLATFORMS
  ruby

DEPENDENCIES
  actionpack (>= 5.2.6.2)
  activerecord (>= 5.2.8.1)
  addressable (>= 2.8.0)
  bundler (~> 2.4.1)
  byebug
  capistrano (~> 3.11.0)
  capistrano-bundler
  capistrano-rails
  capistrano-rvm
  cbor
  celluloid-io!
  chariwt!
  coap!
  ecdsa!
  ffi (~> 1.14.2)
  fixture_save!
  http-accept
  ipaddress
  jbuilder (~> 2.0)
  jquery-rails
  json (>= 2.3.0)
  jwt
  loofah (>= 2.19.1)
  mail
  nokogiri (>= 1.13.10)
  oj
  openssl!
  passenger
  pg (~> 0.21)
  rabl
  rack (>= 2.2.6.4)
  rails (~> 5.2.8.1)
  rails-html-sanitizer (>= 1.4.4)
  rake
  rb-readline
  rexml (>= 3.2.5)
  sqlite3 (~> 1.4.2)
  sucker_punch
  thin
  turbolinks
  tzinfo (>= 1.2.10)
  tzinfo-data
  websocket-extensions (>= 0.1.5)
  yard (>= 0.9.20)

BUNDLED WITH
   2.4.1
